RESTRICTION: || (== net472) (== netcoreapp2.2) (== netcoreapp3.1) (== netcoreapp5.0) (== netstandard2.0)
NUGET
  remote: https://api.nuget.org/v3/index.json
    Aardvark.Base (5.0.18)
      Aardvark.Base.Telemetry (5.0.18)
      DevILSharp (>= 0.2.9 < 0.3)
      System.Collections.Immutable (>= 1.7 < 2.0)
      System.Reflection.Metadata (>= 1.8 < 2.0) - restriction: || (== net472) (== netcoreapp2.2) (&& (== netcoreapp3.1) (< netcoreapp3.0)) (&& (== netcoreapp5.0) (< netcoreapp3.0)) (== netstandard2.0)
    Aardvark.Base.Telemetry (5.0.18)
    coverlet.collector (1.2.1)
    DevILSharp (0.2.9)
      FSharp.Core (>= 4.6.2)
    FSharp.Core (4.6.2)
    Microsoft.CodeCoverage (16.6.1) - restriction: || (== net472) (== netcoreapp2.2) (== netcoreapp3.1) (== netcoreapp5.0) (&& (== netstandard2.0) (>= net45)) (&& (== netstandard2.0) (>= netcoreapp2.1))
    Microsoft.NET.Test.Sdk (16.5)
      Microsoft.CodeCoverage (>= 16.5) - restriction: || (== net472) (== netcoreapp2.2) (== netcoreapp3.1) (== netcoreapp5.0) (&& (== netstandard2.0) (>= net45)) (&& (== netstandard2.0) (>= netcoreapp2.1))
      Microsoft.TestPlatform.TestHost (>= 16.5) - restriction: || (&& (== net472) (>= netcoreapp2.1)) (== netcoreapp2.2) (== netcoreapp3.1) (== netcoreapp5.0) (&& (== netstandard2.0) (>= netcoreapp2.1))
    Microsoft.NETCore.Platforms (3.1.1) - restriction: || (&& (== net472) (< net45)) (&& (== net472) (< net452)) (&& (== net472) (>= netcoreapp2.0)) (&& (== net472) (< netstandard1.0)) (&& (== net472) (< netstandard1.3) (>= wpa81)) (&& (== net472) (< netstandard1.5) (>= uap10.0)) (&& (== net472) (< portable-net45+win8+wpa81)) (&& (== net472) (>= uap10.1)) (&& (== net472) (>= wp8)) (== netcoreapp2.2) (== netcoreapp3.1) (== netcoreapp5.0) (== netstandard2.0)
    Microsoft.TestPlatform.ObjectModel (16.6.1) - restriction: || (&& (== net472) (>= netcoreapp2.1)) (== netcoreapp2.2) (== netcoreapp3.1) (== netcoreapp5.0) (&& (== netstandard2.0) (>= netcoreapp2.1))
      NuGet.Frameworks (>= 5.0)
    Microsoft.TestPlatform.TestHost (16.6.1) - restriction: || (&& (== net472) (>= netcoreapp2.1)) (== netcoreapp2.2) (== netcoreapp3.1) (== netcoreapp5.0) (&& (== netstandard2.0) (>= netcoreapp2.1))
      Microsoft.TestPlatform.ObjectModel (>= 16.6.1) - restriction: || (&& (== net472) (>= netcoreapp2.1)) (&& (== net472) (>= uap10.0)) (== netcoreapp2.2) (== netcoreapp3.1) (== netcoreapp5.0) (&& (== netstandard2.0) (>= netcoreapp2.1)) (&& (== netstandard2.0) (>= uap10.0))
      Newtonsoft.Json (>= 9.0.1) - restriction: || (&& (== net472) (>= netcoreapp2.1)) (&& (== net472) (>= uap10.0)) (== netcoreapp2.2) (== netcoreapp3.1) (== netcoreapp5.0) (&& (== netstandard2.0) (>= netcoreapp2.1)) (&& (== netstandard2.0) (>= uap10.0))
    NETStandard.Library (2.0.3) - restriction: || (&& (== net472) (< net452)) (== netcoreapp2.2) (== netcoreapp3.1) (== netcoreapp5.0) (== netstandard2.0)
      Microsoft.NETCore.Platforms (>= 1.1)
    Newtonsoft.Json (12.0.3)
    NuGet.Frameworks (5.6) - restriction: || (&& (== net472) (>= netcoreapp2.1)) (== netcoreapp2.2) (== netcoreapp3.1) (== netcoreapp5.0) (&& (== netstandard2.0) (>= netcoreapp2.1))
    System.Buffers (4.5.1) - restriction: || (== net472) (&& (== netcoreapp2.2) (>= monoandroid)) (&& (== netcoreapp2.2) (>= monotouch)) (&& (== netcoreapp2.2) (>= net461)) (&& (== netcoreapp2.2) (< netcoreapp2.0)) (&& (== netcoreapp2.2) (< netstandard1.1)) (&& (== netcoreapp2.2) (< netstandard2.0)) (&& (== netcoreapp2.2) (>= uap10.1)) (&& (== netcoreapp2.2) (>= xamarinios)) (&& (== netcoreapp2.2) (>= xamarinmac)) (&& (== netcoreapp2.2) (>= xamarintvos)) (&& (== netcoreapp2.2) (>= xamarinwatchos)) (&& (== netcoreapp3.1) (>= monoandroid)) (&& (== netcoreapp3.1) (>= monotouch)) (&& (== netcoreapp3.1) (>= net461)) (&& (== netcoreapp3.1) (< netcoreapp2.0)) (&& (== netcoreapp3.1) (< netstandard1.1)) (&& (== netcoreapp3.1) (< netstandard2.0)) (&& (== netcoreapp3.1) (>= uap10.1)) (&& (== netcoreapp3.1) (>= xamarinios)) (&& (== netcoreapp3.1) (>= xamarinmac)) (&& (== netcoreapp3.1) (>= xamarintvos)) (&& (== netcoreapp3.1) (>= xamarinwatchos)) (&& (== netcoreapp5.0) (>= monoandroid)) (&& (== netcoreapp5.0) (>= monotouch)) (&& (== netcoreapp5.0) (>= net461)) (&& (== netcoreapp5.0) (< netcoreapp2.0)) (&& (== netcoreapp5.0) (< netstandard1.1)) (&& (== netcoreapp5.0) (< netstandard2.0)) (&& (== netcoreapp5.0) (>= uap10.1)) (&& (== netcoreapp5.0) (>= xamarinios)) (&& (== netcoreapp5.0) (>= xamarinmac)) (&& (== netcoreapp5.0) (>= xamarintvos)) (&& (== netcoreapp5.0) (>= xamarinwatchos)) (== netstandard2.0)
    System.Collections.Immutable (1.7.1)
      System.Memory (>= 4.5.4) - restriction: || (== net472) (&& (== netcoreapp2.2) (>= net461)) (&& (== netcoreapp2.2) (< netcoreapp2.1)) (&& (== netcoreapp2.2) (< netstandard2.0)) (&& (== netcoreapp2.2) (>= uap10.1)) (&& (== netcoreapp3.1) (>= net461)) (&& (== netcoreapp3.1) (< netcoreapp2.1)) (&& (== netcoreapp3.1) (< netstandard2.0)) (&& (== netcoreapp3.1) (>= uap10.1)) (&& (== netcoreapp5.0) (>= net461)) (&& (== netcoreapp5.0) (< netcoreapp2.1)) (&& (== netcoreapp5.0) (< netstandard2.0)) (&& (== netcoreapp5.0) (>= uap10.1)) (== netstandard2.0)
    System.Memory (4.5.4) - restriction: || (== net472) (&& (== netcoreapp2.2) (>= net461)) (&& (== netcoreapp2.2) (< netcoreapp2.1)) (&& (== netcoreapp2.2) (< netstandard2.0)) (&& (== netcoreapp2.2) (>= uap10.1)) (&& (== netcoreapp3.1) (>= net461)) (&& (== netcoreapp3.1) (< netcoreapp2.1)) (&& (== netcoreapp3.1) (< netstandard2.0)) (&& (== netcoreapp3.1) (>= uap10.1)) (&& (== netcoreapp5.0) (>= net461)) (&& (== netcoreapp5.0) (< netcoreapp2.1)) (&& (== netcoreapp5.0) (< netstandard2.0)) (&& (== netcoreapp5.0) (>= uap10.1)) (== netstandard2.0)
      System.Buffers (>= 4.5.1) - restriction: || (== net472) (&& (== netcoreapp2.2) (>= monoandroid)) (&& (== netcoreapp2.2) (>= monotouch)) (&& (== netcoreapp2.2) (>= net461)) (&& (== netcoreapp2.2) (< netcoreapp2.0)) (&& (== netcoreapp2.2) (< netstandard1.1)) (&& (== netcoreapp2.2) (< netstandard2.0)) (&& (== netcoreapp2.2) (>= xamarinios)) (&& (== netcoreapp2.2) (>= xamarinmac)) (&& (== netcoreapp2.2) (>= xamarintvos)) (&& (== netcoreapp2.2) (>= xamarinwatchos)) (&& (== netcoreapp3.1) (>= monoandroid)) (&& (== netcoreapp3.1) (>= monotouch)) (&& (== netcoreapp3.1) (>= net461)) (&& (== netcoreapp3.1) (< netcoreapp2.0)) (&& (== netcoreapp3.1) (< netstandard1.1)) (&& (== netcoreapp3.1) (< netstandard2.0)) (&& (== netcoreapp3.1) (>= xamarinios)) (&& (== netcoreapp3.1) (>= xamarinmac)) (&& (== netcoreapp3.1) (>= xamarintvos)) (&& (== netcoreapp3.1) (>= xamarinwatchos)) (&& (== netcoreapp5.0) (>= monoandroid)) (&& (== netcoreapp5.0) (>= monotouch)) (&& (== netcoreapp5.0) (>= net461)) (&& (== netcoreapp5.0) (< netcoreapp2.0)) (&& (== netcoreapp5.0) (< netstandard1.1)) (&& (== netcoreapp5.0) (< netstandard2.0)) (&& (== netcoreapp5.0) (>= xamarinios)) (&& (== netcoreapp5.0) (>= xamarinmac)) (&& (== netcoreapp5.0) (>= xamarintvos)) (&& (== netcoreapp5.0) (>= xamarinwatchos)) (== netstandard2.0)
      System.Numerics.Vectors (>= 4.4) - restriction: || (&& (== net472) (< net45)) (&& (== netcoreapp2.2) (< netcoreapp2.0)) (&& (== netcoreapp3.1) (< netcoreapp2.0)) (&& (== netcoreapp5.0) (< netcoreapp2.0)) (== netstandard2.0)
      System.Numerics.Vectors (>= 4.5) - restriction: || (== net472) (&& (== netcoreapp2.2) (>= net461)) (&& (== netcoreapp3.1) (>= net461)) (&& (== netcoreapp5.0) (>= net461)) (&& (== netstandard2.0) (>= net461))
      System.Runtime.CompilerServices.Unsafe (>= 4.5.3) - restriction: || (== net472) (&& (== netcoreapp2.2) (>= monoandroid)) (&& (== netcoreapp2.2) (>= monotouch)) (&& (== netcoreapp2.2) (>= net461)) (&& (== netcoreapp2.2) (< netcoreapp2.0)) (&& (== netcoreapp2.2) (< netcoreapp2.1)) (&& (== netcoreapp2.2) (< netstandard1.1)) (&& (== netcoreapp2.2) (< netstandard2.0)) (&& (== netcoreapp2.2) (>= uap10.1)) (&& (== netcoreapp2.2) (>= xamarinios)) (&& (== netcoreapp2.2) (>= xamarinmac)) (&& (== netcoreapp2.2) (>= xamarintvos)) (&& (== netcoreapp2.2) (>= xamarinwatchos)) (&& (== netcoreapp3.1) (>= monoandroid)) (&& (== netcoreapp3.1) (>= monotouch)) (&& (== netcoreapp3.1) (>= net461)) (&& (== netcoreapp3.1) (< netcoreapp2.0)) (&& (== netcoreapp3.1) (< netcoreapp2.1)) (&& (== netcoreapp3.1) (< netstandard1.1)) (&& (== netcoreapp3.1) (< netstandard2.0)) (&& (== netcoreapp3.1) (>= uap10.1)) (&& (== netcoreapp3.1) (>= xamarinios)) (&& (== netcoreapp3.1) (>= xamarinmac)) (&& (== netcoreapp3.1) (>= xamarintvos)) (&& (== netcoreapp3.1) (>= xamarinwatchos)) (&& (== netcoreapp5.0) (>= monoandroid)) (&& (== netcoreapp5.0) (>= monotouch)) (&& (== netcoreapp5.0) (>= net461)) (&& (== netcoreapp5.0) (< netcoreapp2.0)) (&& (== netcoreapp5.0) (< netcoreapp2.1)) (&& (== netcoreapp5.0) (< netstandard1.1)) (&& (== netcoreapp5.0) (< netstandard2.0)) (&& (== netcoreapp5.0) (>= uap10.1)) (&& (== netcoreapp5.0) (>= xamarinios)) (&& (== netcoreapp5.0) (>= xamarinmac)) (&& (== netcoreapp5.0) (>= xamarintvos)) (&& (== netcoreapp5.0) (>= xamarinwatchos)) (== netstandard2.0)
    System.Numerics.Vectors (4.5) - restriction: || (== net472) (&& (== netcoreapp2.2) (>= net461)) (&& (== netcoreapp2.2) (< netcoreapp2.0)) (&& (== netcoreapp2.2) (< netstandard2.0)) (&& (== netcoreapp2.2) (>= uap10.1)) (&& (== netcoreapp3.1) (>= net461)) (&& (== netcoreapp3.1) (< netcoreapp2.0)) (&& (== netcoreapp3.1) (< netstandard2.0)) (&& (== netcoreapp3.1) (>= uap10.1)) (&& (== netcoreapp5.0) (>= net461)) (&& (== netcoreapp5.0) (< netcoreapp2.0)) (&& (== netcoreapp5.0) (< netstandard2.0)) (&& (== netcoreapp5.0) (>= uap10.1)) (== netstandard2.0)
    System.Reflection.Metadata (1.8.1) - restriction: || (== net472) (== netcoreapp2.2) (&& (== netcoreapp3.1) (< netcoreapp3.0)) (&& (== netcoreapp5.0) (< netcoreapp3.0)) (== netstandard2.0)
      System.Collections.Immutable (>= 1.7.1) - restriction: || (== net472) (== netcoreapp2.2) (&& (== netcoreapp3.1) (>= net461)) (&& (== netcoreapp3.1) (< netstandard1.1)) (&& (== netcoreapp3.1) (< netstandard2.0)) (&& (== netcoreapp5.0) (>= net461)) (&& (== netcoreapp5.0) (< netcoreapp3.1)) (&& (== netcoreapp5.0) (< netstandard1.1)) (&& (== netcoreapp5.0) (< netstandard2.0)) (== netstandard2.0)
    System.Runtime.CompilerServices.Unsafe (4.7.1) - restriction: || (== net472) (&& (== netcoreapp2.2) (>= monoandroid)) (&& (== netcoreapp2.2) (>= monotouch)) (&& (== netcoreapp2.2) (>= net461)) (&& (== netcoreapp2.2) (< netcoreapp2.0)) (&& (== netcoreapp2.2) (< netcoreapp2.1)) (&& (== netcoreapp2.2) (< netstandard1.1)) (&& (== netcoreapp2.2) (< netstandard2.0)) (&& (== netcoreapp2.2) (>= uap10.1)) (&& (== netcoreapp2.2) (>= xamarinios)) (&& (== netcoreapp2.2) (>= xamarinmac)) (&& (== netcoreapp2.2) (>= xamarintvos)) (&& (== netcoreapp2.2) (>= xamarinwatchos)) (&& (== netcoreapp3.1) (>= monoandroid)) (&& (== netcoreapp3.1) (>= monotouch)) (&& (== netcoreapp3.1) (>= net461)) (&& (== netcoreapp3.1) (< netcoreapp2.0)) (&& (== netcoreapp3.1) (< netcoreapp2.1)) (&& (== netcoreapp3.1) (< netstandard1.1)) (&& (== netcoreapp3.1) (< netstandard2.0)) (&& (== netcoreapp3.1) (>= uap10.1)) (&& (== netcoreapp3.1) (>= xamarinios)) (&& (== netcoreapp3.1) (>= xamarinmac)) (&& (== netcoreapp3.1) (>= xamarintvos)) (&& (== netcoreapp3.1) (>= xamarinwatchos)) (&& (== netcoreapp5.0) (>= monoandroid)) (&& (== netcoreapp5.0) (>= monotouch)) (&& (== netcoreapp5.0) (>= net461)) (&& (== netcoreapp5.0) (< netcoreapp2.0)) (&& (== netcoreapp5.0) (< netcoreapp2.1)) (&& (== netcoreapp5.0) (< netstandard1.1)) (&& (== netcoreapp5.0) (< netstandard2.0)) (&& (== netcoreapp5.0) (>= uap10.1)) (&& (== netcoreapp5.0) (>= xamarinios)) (&& (== netcoreapp5.0) (>= xamarinmac)) (&& (== netcoreapp5.0) (>= xamarintvos)) (&& (== netcoreapp5.0) (>= xamarinwatchos)) (== netstandard2.0)
    xunit (2.4.1)
      xunit.analyzers (>= 0.10)
      xunit.assert (2.4.1)
      xunit.core (2.4.1)
    xunit.abstractions (2.0.3)
    xunit.analyzers (0.10)
    xunit.assert (2.4.1)
      NETStandard.Library (>= 1.6.1) - restriction: || (&& (== net472) (< net452)) (== netcoreapp2.2) (== netcoreapp3.1) (== netcoreapp5.0) (== netstandard2.0)
    xunit.core (2.4.1)
      xunit.extensibility.core (2.4.1)
      xunit.extensibility.execution (2.4.1)
    xunit.extensibility.core (2.4.1)
      NETStandard.Library (>= 1.6.1) - restriction: || (&& (== net472) (< net452)) (== netcoreapp2.2) (== netcoreapp3.1) (== netcoreapp5.0) (== netstandard2.0)
      xunit.abstractions (>= 2.0.3)
    xunit.extensibility.execution (2.4.1)
      NETStandard.Library (>= 1.6.1) - restriction: || (&& (== net472) (< net452)) (== netcoreapp2.2) (== netcoreapp3.1) (== netcoreapp5.0) (== netstandard2.0)
      xunit.extensibility.core (2.4.1)
    xunit.runner.visualstudio (2.4.3)
