RESTRICTION: || (== netcoreapp2.0) (== netcoreapp2.2) (== netcoreapp3.0) (== netcoreapp3.1) (== netstandard2.0)
NUGET
  remote: https://api.nuget.org/v3/index.json
    Aardvark.Base (5.0.14)
      Aardvark.Base.Telemetry (5.0.14)
      DevILSharp (>= 0.2.9 < 0.3)
      System.Collections.Immutable (>= 1.7 < 2.0)
      System.Reflection.Metadata (>= 1.8 < 2.0) - restriction: || (== netcoreapp2.0) (== netcoreapp2.2) (&& (== netcoreapp3.1) (< netcoreapp3.0)) (== netstandard2.0)
    Aardvark.Base.Telemetry (5.0.14)
    DevILSharp (0.2.9)
      FSharp.Core (>= 4.6.2)
    FSharp.Core (4.6.2)
    Newtonsoft.Json (12.0.3)
    System.Buffers (4.5.1) - restriction: || (&& (== netcoreapp2.0) (>= monoandroid)) (&& (== netcoreapp2.0) (>= monotouch)) (&& (== netcoreapp2.0) (>= net461)) (&& (== netcoreapp2.0) (< netstandard1.1)) (&& (== netcoreapp2.0) (< netstandard2.0)) (&& (== netcoreapp2.0) (>= xamarinios)) (&& (== netcoreapp2.0) (>= xamarinmac)) (&& (== netcoreapp2.0) (>= xamarintvos)) (&& (== netcoreapp2.0) (>= xamarinwatchos)) (&& (== netcoreapp2.2) (>= monoandroid)) (&& (== netcoreapp2.2) (>= monotouch)) (&& (== netcoreapp2.2) (>= net461)) (&& (== netcoreapp2.2) (< netcoreapp2.0)) (&& (== netcoreapp2.2) (< netstandard1.1)) (&& (== netcoreapp2.2) (< netstandard2.0)) (&& (== netcoreapp2.2) (>= uap10.1)) (&& (== netcoreapp2.2) (>= xamarinios)) (&& (== netcoreapp2.2) (>= xamarinmac)) (&& (== netcoreapp2.2) (>= xamarintvos)) (&& (== netcoreapp2.2) (>= xamarinwatchos)) (&& (== netcoreapp3.0) (>= monoandroid)) (&& (== netcoreapp3.0) (>= monotouch)) (&& (== netcoreapp3.0) (>= net461)) (&& (== netcoreapp3.0) (< netcoreapp2.0)) (&& (== netcoreapp3.0) (< netstandard1.1)) (&& (== netcoreapp3.0) (< netstandard2.0)) (&& (== netcoreapp3.0) (>= uap10.1)) (&& (== netcoreapp3.0) (>= xamarinios)) (&& (== netcoreapp3.0) (>= xamarinmac)) (&& (== netcoreapp3.0) (>= xamarintvos)) (&& (== netcoreapp3.0) (>= xamarinwatchos)) (&& (== netcoreapp3.1) (>= monoandroid)) (&& (== netcoreapp3.1) (>= monotouch)) (&& (== netcoreapp3.1) (>= net461)) (&& (== netcoreapp3.1) (< netcoreapp2.0)) (&& (== netcoreapp3.1) (< netstandard1.1)) (&& (== netcoreapp3.1) (< netstandard2.0)) (&& (== netcoreapp3.1) (>= uap10.1)) (&& (== netcoreapp3.1) (>= xamarinios)) (&& (== netcoreapp3.1) (>= xamarinmac)) (&& (== netcoreapp3.1) (>= xamarintvos)) (&& (== netcoreapp3.1) (>= xamarinwatchos)) (== netstandard2.0)
    System.Collections.Immutable (1.7.1)
      System.Memory (>= 4.5.4) - restriction: || (== netcoreapp2.0) (&& (== netcoreapp2.2) (>= net461)) (&& (== netcoreapp2.2) (< netcoreapp2.1)) (&& (== netcoreapp2.2) (< netstandard2.0)) (&& (== netcoreapp2.2) (>= uap10.1)) (&& (== netcoreapp3.0) (>= net461)) (&& (== netcoreapp3.0) (< netcoreapp2.1)) (&& (== netcoreapp3.0) (< netstandard2.0)) (&& (== netcoreapp3.0) (>= uap10.1)) (&& (== netcoreapp3.1) (>= net461)) (&& (== netcoreapp3.1) (< netcoreapp2.1)) (&& (== netcoreapp3.1) (< netstandard2.0)) (&& (== netcoreapp3.1) (>= uap10.1)) (== netstandard2.0)
    System.Memory (4.5.4) - restriction: || (== netcoreapp2.0) (&& (== netcoreapp2.2) (>= net461)) (&& (== netcoreapp2.2) (< netcoreapp2.1)) (&& (== netcoreapp2.2) (< netstandard2.0)) (&& (== netcoreapp2.2) (>= uap10.1)) (&& (== netcoreapp3.0) (>= net461)) (&& (== netcoreapp3.0) (< netcoreapp2.1)) (&& (== netcoreapp3.0) (< netstandard2.0)) (&& (== netcoreapp3.0) (>= uap10.1)) (&& (== netcoreapp3.1) (>= net461)) (&& (== netcoreapp3.1) (< netcoreapp2.1)) (&& (== netcoreapp3.1) (< netstandard2.0)) (&& (== netcoreapp3.1) (>= uap10.1)) (== netstandard2.0)
      System.Buffers (>= 4.5.1) - restriction: || (&& (== netcoreapp2.0) (>= monoandroid)) (&& (== netcoreapp2.0) (>= monotouch)) (&& (== netcoreapp2.0) (>= net461)) (&& (== netcoreapp2.0) (< netstandard1.1)) (&& (== netcoreapp2.0) (< netstandard2.0)) (&& (== netcoreapp2.0) (>= xamarinios)) (&& (== netcoreapp2.0) (>= xamarinmac)) (&& (== netcoreapp2.0) (>= xamarintvos)) (&& (== netcoreapp2.0) (>= xamarinwatchos)) (&& (== netcoreapp2.2) (>= monoandroid)) (&& (== netcoreapp2.2) (>= monotouch)) (&& (== netcoreapp2.2) (>= net461)) (&& (== netcoreapp2.2) (< netcoreapp2.0)) (&& (== netcoreapp2.2) (< netstandard1.1)) (&& (== netcoreapp2.2) (< netstandard2.0)) (&& (== netcoreapp2.2) (>= xamarinios)) (&& (== netcoreapp2.2) (>= xamarinmac)) (&& (== netcoreapp2.2) (>= xamarintvos)) (&& (== netcoreapp2.2) (>= xamarinwatchos)) (&& (== netcoreapp3.0) (>= monoandroid)) (&& (== netcoreapp3.0) (>= monotouch)) (&& (== netcoreapp3.0) (>= net461)) (&& (== netcoreapp3.0) (< netcoreapp2.0)) (&& (== netcoreapp3.0) (< netstandard1.1)) (&& (== netcoreapp3.0) (< netstandard2.0)) (&& (== netcoreapp3.0) (>= xamarinios)) (&& (== netcoreapp3.0) (>= xamarinmac)) (&& (== netcoreapp3.0) (>= xamarintvos)) (&& (== netcoreapp3.0) (>= xamarinwatchos)) (&& (== netcoreapp3.1) (>= monoandroid)) (&& (== netcoreapp3.1) (>= monotouch)) (&& (== netcoreapp3.1) (>= net461)) (&& (== netcoreapp3.1) (< netcoreapp2.0)) (&& (== netcoreapp3.1) (< netstandard1.1)) (&& (== netcoreapp3.1) (< netstandard2.0)) (&& (== netcoreapp3.1) (>= xamarinios)) (&& (== netcoreapp3.1) (>= xamarinmac)) (&& (== netcoreapp3.1) (>= xamarintvos)) (&& (== netcoreapp3.1) (>= xamarinwatchos)) (== netstandard2.0)
      System.Numerics.Vectors (>= 4.4) - restriction: || (&& (== netcoreapp2.2) (< netcoreapp2.0)) (&& (== netcoreapp3.0) (< netcoreapp2.0)) (&& (== netcoreapp3.1) (< netcoreapp2.0)) (== netstandard2.0)
      System.Runtime.CompilerServices.Unsafe (>= 4.5.3) - restriction: || (== netcoreapp2.0) (&& (== netcoreapp2.2) (>= monoandroid)) (&& (== netcoreapp2.2) (>= monotouch)) (&& (== netcoreapp2.2) (>= net461)) (&& (== netcoreapp2.2) (< netcoreapp2.0)) (&& (== netcoreapp2.2) (< netcoreapp2.1)) (&& (== netcoreapp2.2) (< netstandard1.1)) (&& (== netcoreapp2.2) (< netstandard2.0)) (&& (== netcoreapp2.2) (>= uap10.1)) (&& (== netcoreapp2.2) (>= xamarinios)) (&& (== netcoreapp2.2) (>= xamarinmac)) (&& (== netcoreapp2.2) (>= xamarintvos)) (&& (== netcoreapp2.2) (>= xamarinwatchos)) (&& (== netcoreapp3.0) (>= monoandroid)) (&& (== netcoreapp3.0) (>= monotouch)) (&& (== netcoreapp3.0) (>= net461)) (&& (== netcoreapp3.0) (< netcoreapp2.0)) (&& (== netcoreapp3.0) (< netcoreapp2.1)) (&& (== netcoreapp3.0) (< netstandard1.1)) (&& (== netcoreapp3.0) (< netstandard2.0)) (&& (== netcoreapp3.0) (>= uap10.1)) (&& (== netcoreapp3.0) (>= xamarinios)) (&& (== netcoreapp3.0) (>= xamarinmac)) (&& (== netcoreapp3.0) (>= xamarintvos)) (&& (== netcoreapp3.0) (>= xamarinwatchos)) (&& (== netcoreapp3.1) (>= monoandroid)) (&& (== netcoreapp3.1) (>= monotouch)) (&& (== netcoreapp3.1) (>= net461)) (&& (== netcoreapp3.1) (< netcoreapp2.0)) (&& (== netcoreapp3.1) (< netcoreapp2.1)) (&& (== netcoreapp3.1) (< netstandard1.1)) (&& (== netcoreapp3.1) (< netstandard2.0)) (&& (== netcoreapp3.1) (>= uap10.1)) (&& (== netcoreapp3.1) (>= xamarinios)) (&& (== netcoreapp3.1) (>= xamarinmac)) (&& (== netcoreapp3.1) (>= xamarintvos)) (&& (== netcoreapp3.1) (>= xamarinwatchos)) (== netstandard2.0)
    System.Numerics.Vectors (4.5) - restriction: || (&& (== netcoreapp2.2) (>= net461)) (&& (== netcoreapp2.2) (< netcoreapp2.0)) (&& (== netcoreapp2.2) (< netstandard2.0)) (&& (== netcoreapp2.2) (>= uap10.1)) (&& (== netcoreapp3.0) (>= net461)) (&& (== netcoreapp3.0) (< netcoreapp2.0)) (&& (== netcoreapp3.0) (< netstandard2.0)) (&& (== netcoreapp3.0) (>= uap10.1)) (&& (== netcoreapp3.1) (>= net461)) (&& (== netcoreapp3.1) (< netcoreapp2.0)) (&& (== netcoreapp3.1) (< netstandard2.0)) (&& (== netcoreapp3.1) (>= uap10.1)) (== netstandard2.0)
    System.Reflection.Metadata (1.8.1) - restriction: || (== netcoreapp2.0) (== netcoreapp2.2) (&& (== netcoreapp3.1) (< netcoreapp3.0)) (== netstandard2.0)
      System.Collections.Immutable (>= 1.7.1) - restriction: || (== netcoreapp2.0) (== netcoreapp2.2) (== netcoreapp3.0) (&& (== netcoreapp3.1) (>= net461)) (&& (== netcoreapp3.1) (< netstandard1.1)) (&& (== netcoreapp3.1) (< netstandard2.0)) (== netstandard2.0)
    System.Runtime.CompilerServices.Unsafe (4.7.1) - restriction: || (== netcoreapp2.0) (&& (== netcoreapp2.2) (>= monoandroid)) (&& (== netcoreapp2.2) (>= monotouch)) (&& (== netcoreapp2.2) (>= net461)) (&& (== netcoreapp2.2) (< netcoreapp2.0)) (&& (== netcoreapp2.2) (< netcoreapp2.1)) (&& (== netcoreapp2.2) (< netstandard1.1)) (&& (== netcoreapp2.2) (< netstandard2.0)) (&& (== netcoreapp2.2) (>= uap10.1)) (&& (== netcoreapp2.2) (>= xamarinios)) (&& (== netcoreapp2.2) (>= xamarinmac)) (&& (== netcoreapp2.2) (>= xamarintvos)) (&& (== netcoreapp2.2) (>= xamarinwatchos)) (&& (== netcoreapp3.0) (>= monoandroid)) (&& (== netcoreapp3.0) (>= monotouch)) (&& (== netcoreapp3.0) (>= net461)) (&& (== netcoreapp3.0) (< netcoreapp2.0)) (&& (== netcoreapp3.0) (< netcoreapp2.1)) (&& (== netcoreapp3.0) (< netstandard1.1)) (&& (== netcoreapp3.0) (< netstandard2.0)) (&& (== netcoreapp3.0) (>= uap10.1)) (&& (== netcoreapp3.0) (>= xamarinios)) (&& (== netcoreapp3.0) (>= xamarinmac)) (&& (== netcoreapp3.0) (>= xamarintvos)) (&& (== netcoreapp3.0) (>= xamarinwatchos)) (&& (== netcoreapp3.1) (>= monoandroid)) (&& (== netcoreapp3.1) (>= monotouch)) (&& (== netcoreapp3.1) (>= net461)) (&& (== netcoreapp3.1) (< netcoreapp2.0)) (&& (== netcoreapp3.1) (< netcoreapp2.1)) (&& (== netcoreapp3.1) (< netstandard1.1)) (&& (== netcoreapp3.1) (< netstandard2.0)) (&& (== netcoreapp3.1) (>= uap10.1)) (&& (== netcoreapp3.1) (>= xamarinios)) (&& (== netcoreapp3.1) (>= xamarinmac)) (&& (== netcoreapp3.1) (>= xamarintvos)) (&& (== netcoreapp3.1) (>= xamarinwatchos)) (== netstandard2.0)
